PATH
  remote: .
  specs:
    opal-dom (0.0.1)

GEM
  remote: http://rubygems.org/
  specs:
    opal (0.3.20)
    opal-spec (0.1.7)

PLATFORMS
  ruby

DEPENDENCIES
  opal
  opal-dom!
  opal-spec
